GEM
  remote: http://rubygems.org/
  specs:
    addressable (2.2.1)
    autotest (4.4.1)
    autotest-fsevent (0.2.3)
      sys-uname
    autotest-growl (0.2.6)
    bourne (1.0)
      mocha (= 0.9.8)
    configuration (1.1.0)
    crack (0.1.8)
    git (1.2.5)
    heroku (1.10.10)
      json_pure (>= 1.2.0, < 1.5.0)
      launchy (~> 0.3.2)
      rest-client (>= 1.4.0, < 1.7.0)
    httparty (0.6.1)
      crack (= 0.1.8)
    json (1.4.6)
    json_pure (1.4.6)
    launchy (0.3.7)
      configuration (>= 0.0.5)
      rake (>= 0.8.1)
    mime-types (1.16)
    mocha (0.9.8)
      rake
    nokogiri (1.4.3.1)
    rake (0.8.7)
    redgreen (1.2.2)
    rest-client (1.6.1)
      mime-types (>= 1.16)
    shoulda (2.11.3)
    sys-uname (0.8.4)
    webmock (1.3.5)
      addressable (>= 2.1.1)
      crack (>= 0.1.7)

PLATFORMS
  ruby

DEPENDENCIES
  autotest
  autotest-fsevent
  autotest-growl
  bourne
  git
  heroku (= 1.10.10)
  httparty (= 0.6.1)
  json
  mocha
  nokogiri (= 1.4.3.1)
  redgreen
  shoulda
  webmock
