GEM
  remote: http://rubygems.org/
  specs:
    addressable (2.2.2)
    autotest (4.4.2)
    autotest-fsevent (0.2.3)
      sys-uname
    autotest-growl (0.2.6)
    bourne (1.0)
      mocha (= 0.9.8)
    columnize (0.3.2)
    configuration (1.1.0)
    crack (0.1.8)
    diff-lcs (1.1.2)
    git (1.2.5)
    hashie (0.2.2)
    heroku (1.10.10)
      json_pure (>= 1.2.0, < 1.5.0)
      launchy (~> 0.3.2)
      rest-client (>= 1.4.0, < 1.7.0)
    httparty (0.6.1)
      crack (= 0.1.8)
    json_pure (1.4.6)
    launchy (0.3.7)
      configuration (>= 0.0.5)
      rake (>= 0.8.1)
    linecache (0.43)
    method_lister (0.3.2)
    mime-types (1.16)
    mocha (0.9.8)
      rake
    opsb-octopussy (0.3.0)
      hashie (~> 0.2.0)
      httparty (>= 0.5.2)
    rake (0.8.7)
    redgreen (1.2.2)
    rest-client (1.6.1)
      mime-types (>= 1.16)
    rspec (2.1.0)
      rspec-core (~> 2.1.0)
      rspec-expectations (~> 2.1.0)
      rspec-mocks (~> 2.1.0)
    rspec-core (2.1.0)
    rspec-expectations (2.1.0)
      diff-lcs (~> 1.1.2)
    rspec-mocks (2.1.0)
    ruby-debug (0.10.4)
      columnize (>= 0.1)
      ruby-debug-base (~> 0.10.4.0)
    ruby-debug-base (0.10.4)
      linecache (>= 0.3)
    shoulda (2.11.3)
    sys-uname (0.8.4)
    webmock (1.3.5)
      addressable (>= 2.1.1)
      crack (>= 0.1.7)

PLATFORMS
  ruby

DEPENDENCIES
  autotest
  autotest-fsevent
  autotest-growl
  bourne
  crack
  git (= 1.2.5)
  heroku (= 1.10.10)
  method_lister
  mocha
  opsb-octopussy (= 0.3.0)
  redgreen
  rspec
  ruby-debug
  shoulda
  webmock (= 1.3.5)
